PATH
  remote: .
  specs:
    sweatshop_gears (1.0.3)
      bundler
      commander
      contracts
      erubis
      git
      robot_sweatshop
      terminal-announce

GEM
  remote: http://rubygems.org/
  specs:
    celluloid (0.15.2)
      timers (~> 1.1.0)
    celluloid-io (0.15.0)
      celluloid (>= 0.15.0)
      nio4r (>= 0.5.0)
    commander (4.3.4)
      highline (~> 1.7.2)
    configatron (4.5.0)
    contracts (0.9)
    daybreak (0.3.0)
    docile (1.1.5)
    erubis (2.7.0)
    exponential-backoff (0.0.2)
    eye (0.6.4)
      celluloid (~> 0.15.0)
      celluloid-io (~> 0.15.0)
      sigar (~> 0.7.2)
      state_machine
      thor
    ezmq (0.4.4)
      ffi-rzmq (~> 2.0)
    faker (1.4.3)
      i18n (~> 0.5)
    ffi (1.9.8)
    ffi-rzmq (2.0.4)
      ffi-rzmq-core (>= 1.0.1)
    ffi-rzmq-core (1.0.3)
      ffi (~> 1.9)
    git (1.2.9.1)
    highline (1.7.2)
    i18n (0.7.0)
    json (1.8.3)
    moneta (0.8.0)
    nio4r (1.1.0)
    oj (2.12.9)
    rack (1.6.2)
    rack-protection (1.5.3)
      rack
    rainbow (2.0.0)
    rake (10.4.2)
    redislike (0.2.5)
      moneta (~> 0.8)
    riot (0.12.7)
      rr
    robot_sweatshop (0.4.7)
      bundler
      commander
      configatron
      contracts
      exponential-backoff
      eye
      ezmq
      faker
      oj
      sinatra
      sinatra-cross_origin
      stubborn_queue
      terminal-announce
    rr (1.1.2)
    sigar (0.7.3)
    simplecov (0.10.0)
      docile (~> 1.1.0)
      json (~> 1.8)
      simplecov-html (~> 0.10.0)
    simplecov-html (0.10.0)
    sinatra (1.4.6)
      rack (~> 1.4)
      rack-protection (~> 1.4)
      tilt (>= 1.3, < 3)
    sinatra-cross_origin (0.3.2)
    state_machine (1.2.0)
    stubborn_queue (1.1.0)
      bundler
      daybreak
      moneta
      redislike
    terminal-announce (1.0.0)
      bundler
      contracts
      rainbow
    thor (0.19.1)
    tilt (2.0.1)
    timers (1.1.0)

PLATFORMS
  ruby

DEPENDENCIES
  rake
  riot
  simplecov
  sweatshop_gears!

BUNDLED WITH
   1.10.2
